PATH
  remote: .
  specs:
    laboratory (0.1.0)
      redis (>= 2.1)

GEM
  remote: https://rubygems.org/
  specs:
    diff-lcs (1.3)
    fakeredis (0.8.0)
      redis (~> 4.1)
    rake (12.3.3)
    redis (4.1.3)
    rspec (3.9.0)
      rspec-core (~> 3.9.0)
      rspec-expectations (~> 3.9.0)
      rspec-mocks (~> 3.9.0)
    rspec-core (3.9.1)
      rspec-support (~> 3.9.1)
    rspec-expectations (3.9.1)
      diff-lcs (>= 1.2.0, < 2.0)
      rspec-support (~> 3.9.0)
    rspec-mocks (3.9.1)
      diff-lcs (>= 1.2.0, < 2.0)
      rspec-support (~> 3.9.0)
    rspec-support (3.9.2)

PLATFORMS
  ruby

DEPENDENCIES
  fakeredis (~> 0.8)
  laboratory!
  rake (~> 12.0)
  rspec (~> 3.8)

BUNDLED WITH
   2.1.4
